GEM
  remote: https://rubygems.org/
  specs:
    power_assert (0.1.3)
    selenium-client (1.2.18)
    test-unit (3.0.1)
      power_assert

PLATFORMS
  ruby

DEPENDENCIES
  selenium-client
  test-unit
